GEM
  remote: https://rubygems.org/
  specs:
    language_server-protocol (3.17.0.1)
    prettier_print (0.1.0)
    ruby-lsp (0.3.2)
      language_server-protocol (~> 3.17.0)
      sorbet-runtime
      syntax_tree (>= 3.4)
    sorbet-runtime (0.5.10461)
    syntax_tree (3.6.1)
      prettier_print

PLATFORMS
  x86_64-darwin-21

DEPENDENCIES
  ruby-lsp (~> 0.3.2)

BUNDLED WITH
   2.3.7
